GEM
  remote: http://rubygems.org/
  specs:
    colored (1.2)
    colorist (0.0.2)
    digiusb (1.0.5)
      colored (>= 1.2)
      colorist (>= 0.0.2)
      libusb (>= 0.2.0)
    faraday (0.8.8)
      multipart-post (~> 1.2.0)
    ffi (1.9.0)
    forecast_io (2.0.0)
      faraday
      hashie
      multi_json
    geocoder (1.1.8)
    haml (4.0.3)
      tilt
    hashie (2.0.5)
    hpricot (0.8.6)
    libusb (0.3.4)
      ffi (>= 1.0)
    mime-types (1.25)
    multi_json (1.8.1)
    multipart-post (1.2.0)
    rack (1.5.2)
    rack-protection (1.5.0)
      rack
    rest-client (1.6.7)
      mime-types (>= 1.16)
    sass (3.2.11)
    sinatra (1.4.3)
      rack (~> 1.4)
      rack-protection (~> 1.4)
      tilt (~> 1.3, >= 1.3.4)
    stock_quote (1.0.3)
      hpricot
      rest-client
    tilt (1.4.1)

PLATFORMS
  ruby

DEPENDENCIES
  digiusb
  forecast_io
  geocoder
  haml
  sass
  sinatra
  stock_quote
